GEM
  remote: https://rubygems.org/
  specs:
    coderay (1.1.2)
    colorize (0.8.1)
    google_currency (3.4.0)
      money (~> 6.7)
    i18n (0.8.6)
    method_source (0.9.0)
    money (6.9.0)
      i18n (>= 0.6.4, < 0.9)
    openssl (2.0.6)
    pry (0.11.2)
      coderay (~> 1.1.0)
      method_source (~> 0.9.0)

PLATFORMS
  ruby

DEPENDENCIES
  colorize
  google_currency
  money
  openssl
  pry

BUNDLED WITH
   1.15.4
